GEM
  remote: http://rubygems.org/
  specs:
    activesupport (5.2.1.1)
      concurrent-ruby (~> 1.0, >= 1.0.2)
      i18n (>= 0.7, < 2)
      minitest (~> 5.1)
      tzinfo (~> 1.1)
    bluecloth (2.2.0)
    choice (0.1.4)
    chronic (0.9.0)
    concurrent-ruby (1.1.3)
    haml (3.1.7)
    hpricot (0.8.6)
    htmlentities (4.3.1)
    i18n (1.1.1)
      concurrent-ruby (~> 1.0)
    json (1.5.1)
    levenshtein (0.2.2)
    minitest (5.11.3)
    postgres (0.7.9.2008.01.28)
    rack (1.2.1)
    sinatra (1.2.0)
      rack (~> 1.1)
      tilt (>= 1.2.2, < 2.0)
    text (1.2.1)
    thread_safe (0.3.6)
    tilt (1.2.2)
    tzinfo (1.2.5)
      thread_safe (~> 0.1)

PLATFORMS
  ruby

DEPENDENCIES
  activesupport
  bluecloth
  choice
  chronic
  haml
  hpricot
  htmlentities
  json
  levenshtein
  postgres (= 0.7.9.2008.01.28)
  sinatra
  text
