GEM
  remote: http://rubygems.org/
  specs:
    activesupport (3.2.11)
      i18n (~> 0.6)
      multi_json (~> 1.0)
    bluecloth (2.2.0)
    choice (0.1.4)
    chronic (0.9.0)
    haml (3.1.7)
    hpricot (0.8.6)
    htmlentities (4.3.1)
    i18n (0.6.1)
    json (1.5.1)
    levenshtein (0.2.2)
    multi_json (1.5.0)
    mustermann (1.1.1)
      ruby2_keywords (~> 0.0.1)
    postgres (0.7.9.2008.01.28)
    rack (2.2.2)
    rack-protection (2.0.8.1)
      rack
    ruby2_keywords (0.0.2)
    sinatra (2.0.8.1)
      mustermann (~> 1.0)
      rack (~> 2.0)
      rack-protection (= 2.0.8.1)
      tilt (~> 2.0)
    text (1.2.1)
    tilt (2.0.10)

PLATFORMS
  ruby

DEPENDENCIES
  activesupport
  bluecloth
  choice
  chronic
  haml
  hpricot
  htmlentities
  json
  levenshtein
  postgres (= 0.7.9.2008.01.28)
  sinatra (>= 2.0.0)
  text

BUNDLED WITH
   1.17.3
