GEM
  remote: http://rubygems.org/
  specs:
    activesupport (5.2.0)
      concurrent-ruby (~> 1.0, >= 1.0.2)
      i18n (>= 0.7, < 2)
      minitest (~> 5.1)
      tzinfo (~> 1.1)
    bluecloth (2.2.0)
    choice (0.1.4)
    chronic (0.9.0)
    concurrent-ruby (1.0.5)
    haml (5.0.4)
      temple (>= 0.8.0)
      tilt
    hpricot (0.8.6)
    htmlentities (4.3.1)
    i18n (1.0.1)
      concurrent-ruby (~> 1.0)
    json (2.1.0)
    levenshtein (0.2.2)
    minitest (5.11.3)
    mustermann (1.0.2)
    postgres (0.7.9.2008.01.28)
    rack (2.0.5)
    rack-protection (2.0.3)
      rack
    sinatra (2.0.3)
      mustermann (~> 1.0)
      rack (~> 2.0)
      rack-protection (= 2.0.3)
      tilt (~> 2.0)
    temple (0.8.0)
    text (1.2.1)
    thread_safe (0.3.6)
    tilt (2.0.8)
    tzinfo (1.2.5)
      thread_safe (~> 0.1)

PLATFORMS
  ruby

DEPENDENCIES
  activesupport (>= 3.2.22)
  bluecloth
  choice
  chronic
  haml (>= 5.0.0)
  hpricot
  htmlentities
  json (>= 1.5.5)
  levenshtein
  postgres (= 0.7.9.2008.01.28)
  sinatra (>= 2.0.2)
  text

BUNDLED WITH
   1.16.1
